NUGET
  remote: https://www.nuget.org/api/v2
  specs:
    FsCheck (2.2.5)
      FSharp.Core (>= 3.1.2.5)
    FSharp.Core (3.1.2.5)
    Fuchu (1.0.3)
      FSharp.Core (>= 3.1.2.1)
    Fuchu.FsCheck (1.0.3)
      FsCheck (>= 2.2.4)
      FSharp.Core (>= 3.1.2.5)
      Fuchu (>= 1.0.3)
    NodaTime (1.3.1)
    NuGet.CommandLine (3.3)
    Suave (1.1.2)
      FSharp.Core (>= 3.1.2.5)
    Suave.Testing (1.1.2)
      FSharp.Core (>= 3.1.2.5)
      Fuchu (>= 1.0.2)
      Suave (>= 1.1.2)
GITHUB
  remote: haf/YoLo
  specs:
    YoLo.fs (12b17ed0840b1a915ef7efa4db341d9a6477117a)