NUGET
  remote: https://www.nuget.org/api/v2
  specs:
    FsCheck (2.1.0)
      FSharp.Core (>= 3.1.2.5)
    FSharp.Core (3.1.2.5)
    Fuchu-suave (0.6.1)
      FSharp.Core (>= 3.1.2.1)
    Fuchu-suave.FsCheck (0.6.1)
      FSharp.Core (>= 3.1.2.1)
      FsCheck (>= 1.0.4)
      Fuchu-suave (>= 0.6.1)
    NodaTime (1.3.1)
    NuGet.CommandLine (2.8.6)
    Suave (0.32.1)
      FSharp.Core (>= 3.1.2.5)
    Suave.Testing (0.32.1)
      Suave (>= 0.32.1)
