NUGET
  remote: https://www.nuget.org/api/v2
  specs:
    FsCheck (1.0.4)
    FSharp.Core (3.1.2.1)
    FsPickler (1.0.6)
    Fuchu-suave (0.6.1)
      FSharp.Core (>= 3.1.2.1)
    Fuchu-suave.FsCheck (0.6.1)
      FSharp.Core (>= 3.1.2.1)
      FsCheck (>= 1.0.4)
      Fuchu-suave (>= 0.6.1)
    NodaTime (1.3.0)
    NuGet.CommandLine (2.8.3)
    Suave (0.21.0)
      FSharp.Core (>= 3.1.2.1)
      FsPickler (>= 1.0.6)
    Suave.Testing (0.21.0)
      FSharp.Core (>= 3.1.2.1)
      Fuchu-suave (>= 0.6.1)
      Suave (>= 0.21.0)
