NUGET
  remote: https://www.nuget.org/api/v2
  specs:
    FsCheck (1.0.4)
    FSharp.Core (3.1.2.1)
    FsPickler (1.2.9)
    Fuchu-suave (0.6.1)
      FSharp.Core (>= 3.1.2.1)
    Fuchu-suave.FsCheck (0.6.1)
      FSharp.Core (>= 3.1.2.1)
      FsCheck (>= 1.0.4)
      Fuchu-suave (>= 0.6.1)
    NodaTime (1.3.1)
    NuGet.CommandLine (2.8.5)
    Suave (0.29.0)
      FSharp.Core (>= 3.1.2.1)
      FsPickler (>= 1.2.5)
    Suave.Testing (0.29.0)
      Fuchu-suave (>= 0.6.1)
      Suave (>= 0.29.0)
