NUGET
  remote: https://www.nuget.org/api/v2
  specs:
    Aether (5.1)
    FsCheck (1.0.4)
    FSharp.Core (3.1.2.1)
    FsPickler (1.0.6)
    Fuchu (0.4.0.0)
    Fuchu.FsCheck (0.4.0.0)
      FsCheck (>= 0.9.2.0)
      Fuchu (>= 0.4.0.0)
    HawkNet (1.4.2.0)
    NodaTime (1.3.0)
    NuGet.CommandLine (2.8.3)
    Suave (0.19.1)
      FsPickler (>= 1.0.3)
